GEM
  remote: https://rubygems.org/
  specs:
    addressable (2.8.7)
      public_suffix (>= 2.0.2, < 7.0)
    ast (2.4.3)
    base64 (0.2.0)
    bigdecimal (3.1.9)
    csv (3.3.3)
    date (3.4.1)
    domain_name (0.6.20240107)
    dotenv (3.1.7)
    event_stream_parser (1.0.0)
    faraday (2.12.2)
      faraday-net_http (>= 2.0, < 3.5)
      json
      logger
    faraday-multipart (1.0.4)
      multipart-post (~> 2)
    faraday-net_http (3.4.0)
      net-http (>= 0.5.0)
    ffi (1.17.1)
    ffi (1.17.1-x86_64-darwin)
    ffi-compiler (1.3.2)
      ffi (>= 1.15.5)
      rake
    hashie (5.0.0)
    http (5.2.0)
      addressable (~> 2.8)
      base64 (~> 0.1)
      http-cookie (~> 1.0)
      http-form_data (~> 2.2)
      llhttp-ffi (~> 0.5.0)
    http-cookie (1.0.8)
      domain_name (~> 0.5)
    http-form_data (2.3.0)
    httparty (0.22.0)
      csv
      mini_mime (>= 1.0.0)
      multi_xml (>= 0.5.2)
    io-console (0.8.0)
    irb (1.15.1)
      pp (>= 0.6.0)
      rdoc (>= 4.0.0)
      reline (>= 0.4.2)
    json (2.10.2)
    jwt (2.10.1)
      base64
    language_server-protocol (3.17.0.4)
    lint_roller (1.1.0)
    liquid (5.8.2)
      bigdecimal
      strscan (>= 3.1.1)
    llhttp-ffi (0.5.1)
      ffi-compiler (~> 1.0)
      rake (~> 13.0)
    logger (1.6.6)
    mini_mime (1.1.5)
    multi_xml (0.7.1)
      bigdecimal (~> 3.1)
    multipart-post (2.4.1)
    net-http (0.6.0)
      uri
    oauth2 (2.0.9)
      faraday (>= 0.17.3, < 3.0)
      jwt (>= 1.0, < 3.0)
      multi_xml (~> 0.5)
      rack (>= 1.2, < 4)
      snaky_hash (~> 2.0)
      version_gem (~> 1.1)
    omniai (2.1.1)
      event_stream_parser
      http
      logger
      zeitwerk
    omniai-openai (2.0.2)
      event_stream_parser
      omniai (~> 2.0)
      zeitwerk
    ostruct (0.6.1)
    parallel (1.26.3)
    parser (3.3.7.3)
      ast (~> 2.4.1)
      racc
    pp (0.6.2)
      prettyprint
    prettyprint (0.2.0)
    prism (1.4.0)
    psych (5.2.3)
      date
      stringio
    public_suffix (6.0.1)
    racc (1.8.1)
    rack (3.1.12)
    rainbow (3.1.1)
    rake (13.2.1)
    rdoc (6.13.0)
      psych (>= 4.0.0)
    regexp_parser (2.10.0)
    reline (0.6.0)
      io-console (~> 0.5)
    rubocop (1.75.1)
      json (~> 2.3)
      language_server-protocol (~> 3.17.0.2)
      lint_roller (~> 1.1.0)
      parallel (~> 1.10)
      parser (>= 3.3.0.2)
      rainbow (>= 2.2.2, < 4.0)
      regexp_parser (>= 2.9.3, < 3.0)
      rubocop-ast (>= 1.43.0, < 2.0)
      ruby-progressbar (~> 1.7)
      unicode-display_width (>= 2.4.0, < 4.0)
    rubocop-ast (1.43.0)
      parser (>= 3.3.7.2)
      prism (~> 1.4)
    rubocop-basic (1.2.0)
    ruby-progressbar (1.13.0)
    snaky_hash (2.0.1)
      hashie
      version_gem (~> 1.1, >= 1.1.1)
    stringio (3.1.6)
    strscan (3.1.2)
    unicode-display_width (3.1.4)
      unicode-emoji (~> 4.0, >= 4.0.4)
    unicode-emoji (4.0.4)
    unsplash (3.1.1)
      faraday-multipart (~> 1.0.4)
      httparty (~> 0.20)
      oauth2 (>= 2.0.8)
    uri (1.0.3)
    version_gem (1.1.6)
    yaml (0.4.0)
    zeitwerk (2.7.2)

PLATFORMS
  ruby
  x86_64-darwin-24

DEPENDENCIES
  dotenv
  irb
  json
  liquid
  logger
  omniai
  omniai-openai
  ostruct
  rake
  rubocop
  rubocop-basic
  unsplash
  yaml
  zeitwerk

RUBY VERSION
   ruby 3.4.2p28

BUNDLED WITH
   2.6.6
